GEM
  remote: http://rubygems.org/
  specs:
    log4r (1.1.10)
    nokogiri (1.5.1-x86-mingw32)

PLATFORMS
  x86-mingw32

DEPENDENCIES
  log4r
  nokogiri (= 1.5.1)

BUNDLED WITH
   1.15.0
